GEM
  remote: https://rubygems.org/
  specs:
    characteristics (1.8.0)
      unicode-categories (~> 1.11)
    paint (2.3.0)
    rationalist (2.0.1)
    symbolify (1.4.1)
      characteristics (>= 0.8, < 2.0)
    unibits (2.14.0)
      characteristics (~> 1.8)
      paint (>= 0.9, < 3.0)
      rationalist (~> 2.0, >= 2.0.1)
      symbolify (~> 1.4)
      unicode-display_width (~> 3.2)
    unicode-categories (1.11.0)
    unicode-display_width (3.2.0)
      unicode-emoji (~> 4.1)
    unicode-emoji (4.1.0)

PLATFORMS
  arm64-darwin-24
  ruby

DEPENDENCIES
  unibits (= 2.14.0)

BUNDLED WITH
   2.7.1
