GEM
  remote: https://rubygems.org/
  specs:
    clipboard (2.0.0)
    paint (2.3.0)
    rationalist (2.0.1)
    unicopy (1.0.3)
      clipboard (>= 1.1, < 3.0)
      paint (>= 0.9, < 3.0)
      rationalist (~> 2.0)

PLATFORMS
  arm64-darwin-24
  ruby

DEPENDENCIES
  unicopy

BUNDLED WITH
   2.6.6
